STORAGE: NONE
RESTRICTION: || (== net6.0) (== netstandard2.1)
NUGET
  remote: https://api.nuget.org/v3/index.json
    FSharp.Core (6.0.5)
    Microsoft.NETCore.App.Ref (6.0.7)
    MonoGame.Framework.DesktopGL (3.8.1.303)
